GEM
  remote: http://rubygems.org/
  specs:
    EyeEmConnector (0.0.1)
      faraday (~> 0.8.0.rc2)
      faraday_middleware
      multi_json
      oauth2
      rash
    backports (2.3.0)
    daemons (1.1.8)
    eventmachine (0.12.10)
    faraday (0.8.0)
      multipart-post (~> 1.1)
    faraday_middleware (0.8.6)
      faraday (>= 0.7.4, < 0.9)
    hashie (1.2.0)
    libv8 (3.3.10.4)
    multi_json (1.3.5)
    multipart-post (1.1.5)
    oauth2 (0.5.2)
      faraday (~> 0.7)
      multi_json (~> 1.0)
    rack (1.4.1)
    rack-protection (1.2.0)
      rack
    rack-test (0.6.1)
      rack (>= 1.0)
    rash (0.3.2)
      hashie (~> 1.2.0)
    sinatra (1.3.2)
      rack (~> 1.3, >= 1.3.6)
      rack-protection (~> 1.2)
      tilt (~> 1.3, >= 1.3.3)
    sinatra-contrib (1.3.1)
      backports (>= 2.0)
      eventmachine
      rack-protection
      rack-test
      sinatra (~> 1.3.0)
      tilt (~> 1.3)
    therubyracer (0.9.10)
      libv8 (~> 3.3.10)
    thin (1.3.1)
      daemons (>= 1.0.9)
      eventmachine (>= 0.12.6)
      rack (>= 1.0.0)
    tilt (1.3.3)

PLATFORMS
  ruby

DEPENDENCIES
  EyeEmConnector
  sinatra (= 1.3.2)
  sinatra-contrib (= 1.3.1)
  therubyracer
  thin (= 1.3.1)
